GEM
  remote: https://rubygems.org/
  specs:
    minitest (5.16.3)
    ruby2d (0.11.1)

PLATFORMS
  ruby

DEPENDENCIES
  minitest (= 5.16.3)
  ruby2d (= 0.11.1)

BUNDLED WITH
   2.1.4
